GEM
  remote: https://rubygems.org/
  specs:
    git (1.2.9.1)
    minitest (5.4.3)
    rake (10.4.2)
    slop (4.2.0)

PLATFORMS
  ruby

DEPENDENCIES
  git
  minitest
  rake
  slop

BUNDLED WITH
   1.10.6
