GEM
  remote: https://rubygems.org/
  specs:
    git (1.2.9.1)
    minitest (5.8.1)
    minitest-hooks (1.3.0)
    rake (10.4.2)
    slop (4.2.0)

PLATFORMS
  ruby

DEPENDENCIES
  git
  minitest
  minitest-hooks
  rake
  slop

BUNDLED WITH
   1.10.6
