GEM
  remote: https://rubygems.org/
  specs:
    git (1.2.9.1)
    slop (4.2.0)

PLATFORMS
  ruby

DEPENDENCIES
  git
  slop

BUNDLED WITH
   1.10.6
